{
  "InstitutionName": "UCSD",
  "InstitutionalDepartmentName": "Psychiatry",
  "PowerLineFrequency": 60,
  "ManufacturersModelName": "BioSemi",
  "EEGGround": "BioSemi",
  "EEGReference": "BioSemi",
  "EEGChannelCount": 64,
  "TaskName": "5CCPTxPSTxAmphetamine",
  "MiscChannelCount": 71,
  "RecordingType": "continuous",
  "RecordingDuration": 3127.000232514881,
  "SamplingFrequency": 500.0930232558139,
  "EOGChannelCount": 0,
  "ECGChannelCount": 0,
  "EMGChannelCount": 0,
  "SoftwareFilters": "n/a"
}